PATH
  remote: .
  specs:
    iron_rb (0.1.0)

GEM
  remote: https://rubygems.org/
  specs:
    helix_runtime (0.7.5)
      rake (>= 10.0)
      thor (>= 0.19.4, < 2.0)
      tomlrb (~> 1.2.4)
    minitest (5.14.1)
    rake (12.3.3)
    thor (1.0.1)
    tomlrb (1.2.9)

PLATFORMS
  ruby

DEPENDENCIES
  helix_runtime (~> 0.7)
  iron_rb!
  minitest (~> 5.0)
  rake (~> 12.0)

BUNDLED WITH
   2.1.4
